GIT
  remote: https://github.com/cloudfoundry/warden.git
  revision: 6c575e6826d6cb68990a81e7ba16f3201000d856
  specs:
    em-warden-client (0.1.1)
      eventmachine
      warden-client
      warden-protocol (>= 0.0.9)
    warden-client (0.1.0)
      warden-protocol (~> 0.1.0)
    warden-protocol (0.1.5)
      beefcake (~> 0.3.0)

GIT
  remote: https://github.com/intridea/grape.git
  revision: 1029e0fce76b2957b1a4c1a0c3a89897046ef3d8
  specs:
    grape (0.4.2)
      activesupport
      builder
      hashie (>= 1.2.0)
      multi_json (>= 1.3.2)
      multi_xml (>= 0.5.2)
      rack (>= 1.3.0)
      rack-accept
      rack-mount
      virtus

GEM
  remote: https://rubygems.org/
  specs:
    activesupport (3.2.13)
      i18n (= 0.6.1)
      multi_json (~> 1.0)
    addressable (2.3.5)
    backports (3.3.1)
    beefcake (0.3.7)
    builder (3.0.0)
    ci_reporter (1.7.0)
      builder (>= 2.1.2)
    codeclimate-test-reporter (0.3.0)
      simplecov (>= 0.7.1, < 1.0.0)
    columnize (0.8.9)
    cookiejar (0.3.0)
    crack (0.4.1)
      safe_yaml (~> 0.9.0)
    daemons (1.1.9)
    debugger (1.6.6)
      columnize (>= 0.3.1)
      debugger-linecache (~> 1.2.0)
      debugger-ruby_core_source (~> 1.3.2)
    debugger-linecache (1.2.0)
    debugger-ruby_core_source (1.3.5)
    descendants_tracker (0.0.1)
    diff-lcs (1.2.4)
    docile (1.1.5)
    em-http-request (1.0.3)
      addressable (>= 2.2.3)
      cookiejar
      em-socksify
      eventmachine (>= 1.0.0.beta.4)
      http_parser.rb (>= 0.5.3)
    em-socksify (0.2.1)
      eventmachine (>= 1.0.0.beta.4)
    em-synchrony (1.0.3)
      eventmachine (>= 1.0.0.beta.1)
    eventmachine (1.0.3)
    ffi (1.0.11)
    fluent-logger (0.4.5)
      msgpack (= 0.4.7)
      yajl-ruby (~> 1.0)
    foreman (0.61.0)
      thor (>= 0.13.6)
    hashie (2.0.5)
    http_parser.rb (0.5.3)
    httpclient (2.3.4.1)
    i18n (0.6.1)
    json (1.8.1)
    json_pure (1.8.1)
    loggregator_emitter (3.0.0)
      beefcake (~> 0.3.7)
    membrane (1.1.0)
    mime-types (2.1)
    mini_portile (0.6.0)
    msgpack (0.4.7)
    multi_json (1.7.6)
    multi_xml (0.5.4)
    multipart-post (2.0.0)
    nats (0.5.0.beta.14)
      daemons (>= 1.1.9)
      eventmachine (>= 1.0.3)
      json_pure (>= 1.8.1)
      thin (>= 1.6.0)
    net-ssh (2.2.2)
    nokogiri (1.6.2.1)
      mini_portile (= 0.6.0)
    patron (0.4.18)
    posix-spawn (0.3.8)
    rack (1.5.2)
    rack-accept (0.4.5)
      rack (>= 0.4)
    rack-mount (0.8.3)
      rack (>= 1.0.0)
    rack-protection (1.4.0)
      rack
    rack-test (0.6.1)
      rack (>= 1.0)
    rake (10.0.3)
    rspec (2.14.1)
      rspec-core (~> 2.14.0)
      rspec-expectations (~> 2.14.0)
      rspec-mocks (~> 2.14.0)
    rspec-core (2.14.7)
    rspec-expectations (2.14.3)
      diff-lcs (>= 1.1.3, < 2.0)
    rspec-fire (1.3.0)
      rspec (>= 2.11, < 4)
    rspec-mocks (2.14.4)
    rubyzip (1.1.0)
    safe_yaml (0.9.7)
    simplecov (0.9.0)
      docile (~> 1.1.0)
      multi_json
      simplecov-html (~> 0.8.0)
    simplecov-html (0.8.0)
    sinatra (1.3.5)
      rack (~> 1.4)
      rack-protection (~> 1.3)
      tilt (~> 1.3, >= 1.3.3)
    squash_ruby (1.4.0)
      json
    steno (1.1.0)
      fluent-logger
      grape
      yajl-ruby (~> 1.0)
    sys-filesystem (1.0.0)
      ffi (>= 1.0.0)
    thin (1.6.2)
      daemons (>= 1.0.9)
      eventmachine (>= 1.0.0)
      rack (>= 1.0.0)
    thor (0.15.4)
    tilt (1.3.4)
    timecop (0.7.1)
    uuidtools (2.1.3)
    vcap_common (4.0.2)
      addressable (~> 2.2)
      cookiejar (<= 0.3.0)
      em-http-request (~> 1.0)
      eventmachine
      httpclient
      membrane (~> 1.0)
      mime-types
      multipart-post
      nats (>= 0.5.0.beta.12, < 0.6)
      posix-spawn (~> 0.3.6)
      squash_ruby
      steno
      thin
      uuidtools
      vmstat (~> 2.0)
      yajl-ruby
    virtus (0.5.5)
      backports (~> 3.3)
      descendants_tracker (~> 0.0.1)
    vmstat (2.0.0)
    webmock (1.15.2)
      addressable (>= 2.2.7)
      crack (>= 0.3.2)
    yajl-ruby (1.2.1)

PLATFORMS
  ruby

DEPENDENCIES
  ci_reporter
  codeclimate-test-reporter
  debugger
  em-http-request
  em-synchrony
  em-warden-client!
  eventmachine
  foreman
  grape!
  loggregator_emitter
  nats (>= 0.5.0.beta.12, < 0.6)
  net-ssh
  nokogiri (~> 1.6.2)
  patron
  rack
  rack-test
  rake
  rspec
  rspec-fire
  rubyzip
  sinatra
  steno (~> 1.1.0)
  sys-filesystem
  thin
  timecop
  uuidtools
  vcap_common
  vmstat
  warden-client!
  warden-protocol!
  webmock
  yajl-ruby
